GEM
  remote: https://rubygems.org/
  specs:
    itunes-library (0.1.1)
      plist
    plist (3.1.0)
    wikipedia-client (1.3.0)

PLATFORMS
  ruby

DEPENDENCIES
  itunes-library
  wikipedia-client
